GEM
  remote: https://rubygems.org/
  specs:
    addressable (2.8.6)
      public_suffix (>= 2.0.2, < 6.0)
    base64 (0.2.0)
    json (2.7.2)
    json-schema (2.8.1)
      addressable (>= 2.4)
    murmurhash3 (0.1.7)
    mustermann (3.0.0)
      ruby2_keywords (~> 0.0.1)
    optimizely-sdk (3.10.1)
      json-schema (~> 2.6)
      murmurhash3 (~> 0.1)
    public_suffix (5.0.5)
    rack (2.2.9)
    rack-protection (3.2.0)
      base64 (>= 0.1.0)
      rack (~> 2.2, >= 2.2.4)
    ruby2_keywords (0.0.5)
    sinatra (3.2.0)
      mustermann (~> 3.0)
      rack (~> 2.2, >= 2.2.4)
      rack-protection (= 3.2.0)
      tilt (~> 2.0)
    tilt (2.3.0)

PLATFORMS
  ruby

DEPENDENCIES
  json
  optimizely-sdk
  rack
  sinatra

BUNDLED WITH
   1.17.2
